PATH
  remote: .
  specs:
    at_what_cost (1.0.1)

GEM
  remote: https://rubygems.org/
  specs:
    minitest (5.11.3)
    rake (13.0.1)

PLATFORMS
  ruby

DEPENDENCIES
  at_what_cost!
  bundler (~> 1.17)
  minitest (~> 5.0)
  rake (~> 13.0)

BUNDLED WITH
   1.17.2
