PATH
  remote: .
  specs:
    at_what_cost (1.0.2)

GEM
  remote: https://rubygems.org/
  specs:
    minitest (5.13.0)

PLATFORMS
  ruby

DEPENDENCIES
  at_what_cost!
  minitest (~> 5.0)

BUNDLED WITH
   2.1.4
